GEM
  remote: http://rubygems.org/
  specs:
    bcrypt (3.1.12)
    bcrypt (3.1.12-x64-mingw32)
    ethon (0.12.0)
      ffi (>= 1.3.0)
    ffi (1.10.0)
    ffi (1.10.0-x64-mingw32)
    json (2.2.0)
    mustermann (1.0.3)
    rack (2.0.5)
    rack-protection (2.0.3)
      rack
    sinatra (2.0.3)
      mustermann (~> 1.0)
      rack (~> 2.0)
      rack-protection (= 2.0.3)
      tilt (~> 2.0)
    tilt (2.0.8)
    tradenity (1.0.1)
      json (~> 2.1, >= 2.1.0)
      typhoeus (~> 1.0, >= 1.0.1)
    typhoeus (1.3.1)
      ethon (>= 0.9.0)
    webrick (1.4.2)

PLATFORMS
  ruby
  x64-mingw32

DEPENDENCIES
  bcrypt
  sinatra
  tradenity (= 1.0.1)
  webrick

BUNDLED WITH
   1.16.0
